GEM
  specs:
    bigdecimal (3.2.2)
    csv (3.3.5)
    ethon (0.15.0)
      ffi (>= 1.15.0)
    event_stream_parser (1.0.0)
    faraday (2.9.2)
      faraday-net_http (>= 2.0, < 3.2)
    faraday-multipart (1.1.1)
      multipart-post (~> 2.0)
    faraday-net_http (3.1.0)
      net-http
    fattureincloud_ruby_sdk (2.1.2)
      typhoeus (~> 1.0, >= 1.0.1)
    ffi (1.17.2-arm64-darwin)
    fuzzy_match (2.1.0)
    httparty (0.23.2)
      csv
      mini_mime (>= 1.0.0)
      multi_xml (>= 0.5.2)
    mini_mime (1.1.5)
    multi_xml (0.7.2)
      bigdecimal (~> 3.1)
    multipart-post (2.4.1)
    net-http (0.4.1)
      uri
    pastel (0.8.0)
      tty-color (~> 0.5)
    ruby-openai (8.3.0)
      event_stream_parser (>= 0.3.0, < 2.0.0)
      faraday (>= 1)
      faraday-multipart (>= 1)
    table_print (1.5.7)
    tty-color (0.6.0)
    tty-cursor (0.7.1)
    tty-prompt (0.23.1)
      pastel (~> 0.8)
      tty-reader (~> 0.8)
    tty-reader (0.9.0)
      tty-cursor (~> 0.7)
      tty-screen (~> 0.8)
      wisper (~> 2.0)
    tty-screen (0.8.2)
    typhoeus (1.5.0)
      ethon (>= 0.9.0, < 0.16.0)
    uri (1.0.3)
    wisper (2.0.1)

PLATFORMS
  arm64-darwin-25

DEPENDENCIES
  fattureincloud_ruby_sdk
  fuzzy_match
  httparty
  ruby-openai
  table_print
  tty-prompt

BUNDLED WITH
   2.6.8
